GIT
  remote: git://github.com/blowmage/minitest-rails.git
  revision: 2a7b5ffaeb4f5164144bfd82923e22e349d84580
  specs:
    minitest-rails (3.0.0.rc1.20160507123149)
      minitest (~> 5.8)
      railties (~> 5.0.0.rc1)

GIT
  remote: git://github.com/bold-app/acts_as_list.git
  revision: 448a30e7d621c33571c64eef6fe926009fcf32ae
  specs:
    acts_as_list (0.7.2)
      activerecord (>= 3.0)

GIT
  remote: git://github.com/bold-app/bold-atom_feed.git
  revision: 5129749a62b96d97526782e5046cbc60e95352a2
  specs:
    bold-atom_feed (0.1.0)
      liquid (~> 3.0)

GIT
  remote: git://github.com/bold-app/bold-featherlight.git
  revision: 048e645a28e67a33d854b13b664430f8aaad8405
  specs:
    bold-featherlight (0.1.0)

GIT
  remote: git://github.com/bold-app/bold-piwik.git
  revision: 319c740c0b55ff0e50ca4357feea1f1392822c15
  specs:
    bold-piwik (0.1.0)

GIT
  remote: git://github.com/bold-app/bold-theme-bootstrap.git
  revision: 4beb1c14eb2de5e380ac7ce0906a55cd370c46b7
  specs:
    bold-theme-bootstrap (1.0.0)

GIT
  remote: git://github.com/bold-app/bold-theme-casper.git
  revision: 3e67e3b93ba30dad7ac3470b0305a2c8e1560e18
  specs:
    bold-theme-casper (1.0.0)

GIT
  remote: git://github.com/bold-app/bold-theme-lean.git
  revision: 69d8816e81b9911ff7d1e23c7414b2b89188e2a4
  specs:
    bold-theme-lean (0.1.0)

GIT
  remote: git://github.com/bold-app/devise_invitable.git
  revision: e08a64fdd92745f41d4b511e08005474ef06f06b
  branch: bold
  specs:
    devise_invitable (1.6.0)
      actionmailer (>= 3.2.6)
      devise (>= 3.2.0)

GIT
  remote: git://github.com/bold-app/i18n_language_select.git
  revision: 3ad571980b90fa993584d99df704997d492e3864
  specs:
    i18n_language_select (0.0.1)

GIT
  remote: git://github.com/bold-app/jquery-fileupload-rails.git
  revision: 13a13d706293d0bba533dd8bed5ed4daa08ae6f2
  specs:
    jquery-fileupload-rails (0.4.5)
      actionpack (>= 3.1)
      railties (>= 3.1)
      sass (>= 3.2)

GIT
  remote: git://github.com/bold-app/memento.git
  revision: 1805bb3d8f251b661408012ae50a5c7111e608e2
  specs:
    memento (0.4.3)
      actionpack (>= 3.2.5)
      activerecord (>= 3.2.5)

GIT
  remote: git://github.com/bold-app/teambox-icons-rails.git
  revision: 6cdfd96ef4fdf7a45d57ad2aa95178d1831767e3
  specs:
    teambox-icons-rails (0.1.0)
      rails (>= 3.2)

GIT
  remote: git://github.com/bold-app/uap-ruby.git
  revision: 0a85263de7c9d895b70f1aa445e25cb275757205
  submodules: true
  specs:
    user_agent_parser (2.3.0)

GIT
  remote: git://github.com/jkraemer/chronic.git
  revision: d38001e035c6ad4769eb110f6ceb71f317706198
  branch: thread_safe
  specs:
    chronic (0.10.2)
      numerizer (~> 0.2)

GIT
  remote: git://github.com/jkraemer/xmp.git
  revision: 5cd1dfdc6c75b3d907710a2b7f652f5ee850b78e
  specs:
    xmp (0.2.0)
      nokogiri (~> 1.6.0)

GIT
  remote: git://github.com/rails/activemodel-serializers-xml.git
  revision: 570ee7ed33d60e44ca1f3ccbec3d1fbf61d52cbf
  specs:
    activemodel-serializers-xml (1.0.1)
      activemodel (> 5.x)
      activerecord (> 5.x)
      activesupport (> 5.x)
      builder (~> 3.1)

GEM
  remote: https://rubygems.org/
  specs:
    actioncable (5.0.1)
      actionpack (= 5.0.1)
      nio4r (~> 1.2)
      websocket-driver (~> 0.6.1)
    actionmailer (5.0.1)
      actionpack (= 5.0.1)
      actionview (= 5.0.1)
      activejob (= 5.0.1)
      mail (~> 2.5, >= 2.5.4)
      rails-dom-testing (~> 2.0)
    actionpack (5.0.1)
      actionview (= 5.0.1)
      activesupport (= 5.0.1)
      rack (~> 2.0)
      rack-test (~> 0.6.3)
      rails-dom-testing (~> 2.0)
      rails-html-sanitizer (~> 1.0, >= 1.0.2)
    actionview (5.0.1)
      activesupport (= 5.0.1)
      builder (~> 3.1)
      erubis (~> 2.7.0)
      rails-dom-testing (~> 2.0)
      rails-html-sanitizer (~> 1.0, >= 1.0.2)
    activejob (5.0.1)
      activesupport (= 5.0.1)
      globalid (>= 0.3.6)
    activemodel (5.0.1)
      activesupport (= 5.0.1)
    activerecord (5.0.1)
      activemodel (= 5.0.1)
      activesupport (= 5.0.1)
      arel (~> 7.0)
    activesupport (5.0.1)
      concurrent-ruby (~> 1.0, >= 1.0.2)
      i18n (~> 0.7)
      minitest (~> 5.1)
      tzinfo (~> 1.1)
    addressable (2.4.0)
    akismet (2.0.0)
    arel (7.1.4)
    autoprefixer-rails (6.3.7)
      execjs
    bcrypt (3.1.11)
    binding_of_caller (0.7.2)
      debug_inspector (>= 0.0.1)
    bootstrap-kaminari-views (0.0.3)
      kaminari (>= 0.13)
      rails (>= 3.1)
    bootstrap-sass (3.3.6)
      autoprefixer-rails (>= 5.2.1)
      sass (>= 3.3.4)
    builder (3.2.2)
    byebug (9.0.5)
    capybara (2.6.2)
      addressable
      mime-types (>= 1.16)
      nokogiri (>= 1.3.3)
      rack (>= 1.0.0)
      rack-test (>= 0.5.4)
      xpath (~> 2.0)
    carrierwave (0.11.2)
      activemodel (>= 3.2.0)
      activesupport (>= 3.2.0)
      json (>= 1.7)
      mime-types (>= 1.16)
      mimemagic (>= 0.3.0)
    coderay (1.1.1)
    coderay_bash (1.0.7)
      coderay (>= 1.0)
    coffee-rails (4.1.1)
      coffee-script (>= 2.2.0)
      railties (>= 4.0.0, < 5.1.x)
    coffee-script (2.4.1)
      coffee-script-source
      execjs
    coffee-script-source (1.10.0)
    concurrent-ruby (1.0.4)
    connection_pool (2.1.3)
    daemons (1.2.3)
    debug_inspector (0.0.2)
    delayed_job (4.1.2)
      activesupport (>= 3.0, < 5.1)
    delayed_job_active_record (4.1.1)
      activerecord (>= 3.0, < 5.1)
      delayed_job (>= 3.0, < 5)
    devise (4.2.0)
      bcrypt (~> 3.0)
      orm_adapter (~> 0.1)
      railties (>= 4.1.0, < 5.1)
      responders
      warden (~> 1.2.3)
    diffy (3.0.7)
    draper (3.0.0.pre1)
      actionpack (~> 5.0)
      activemodel (~> 5.0)
      activemodel-serializers-xml (~> 1.0)
      activesupport (~> 5.0)
      request_store (~> 1.0)
    erubis (2.7.0)
    execjs (2.7.0)
    exifr (1.2.4)
    factory_girl (4.7.0)
      activesupport (>= 3.0.0)
    factory_girl_rails (4.7.0)
      factory_girl (~> 4.7.0)
      railties (>= 3.0.0)
    faker (1.6.5)
      i18n (~> 0.5)
    globalid (0.3.7)
      activesupport (>= 4.1.0)
    haml (4.0.7)
      tilt
    haml-rails (0.9.0)
      actionpack (>= 4.0.1)
      activesupport (>= 4.0.1)
      haml (>= 4.0.6, < 5.0)
      html2haml (>= 1.0.1)
      railties (>= 4.0.1)
    html2haml (2.0.0)
      erubis (~> 2.7.0)
      haml (~> 4.0.0)
      nokogiri (~> 1.6.0)
      ruby_parser (~> 3.5)
    http_accept_language (2.0.5)
    httparty (0.13.7)
      json (~> 1.8)
      multi_xml (>= 0.5.2)
    i18n (0.7.0)
    immutable-struct (2.2.2)
    jbuilder (2.5.0)
      activesupport (>= 3.0.0, < 5.1)
      multi_json (~> 1.2)
    jquery-rails (4.1.1)
      rails-dom-testing (>= 1, < 3)
      railties (>= 4.2.0)
      thor (>= 0.14, < 2.0)
    json (1.8.3)
    kaminari (0.17.0)
      actionpack (>= 3.0.0)
      activesupport (>= 3.0.0)
    kramdown (1.9.0)
    libv8 (3.16.14.15)
    liquid (3.0.6)
    loofah (2.0.3)
      nokogiri (>= 1.5.9)
    mail (2.6.4)
      mime-types (>= 1.16, < 4)
    metaclass (0.0.4)
    method_source (0.8.2)
    mime-types (3.1)
      mime-types-data (~> 3.2015)
    mime-types-data (3.2016.0521)
    mimemagic (0.3.2)
    mini_magick (3.8.1)
      subexec (~> 0.2.1)
    mini_portile2 (2.1.0)
    minitest (5.10.1)
    mocha (1.1.0)
      metaclass (~> 0.0.1)
    multi_json (1.12.1)
    multi_xml (0.5.5)
    nio4r (1.2.1)
    nokogiri (1.6.8.1)
      mini_portile2 (~> 2.1.0)
    numerizer (0.2.0)
    orm_adapter (0.5.0)
    pg (0.18.4)
    pry (0.10.3)
      coderay (~> 1.1.0)
      method_source (~> 0.8.1)
      slop (~> 3.4)
    pry-byebug (3.4.0)
      byebug (~> 9.0)
      pry (~> 0.10)
    puma (3.4.0)
    rack (2.0.1)
    rack-test (0.6.3)
      rack (>= 1.0)
    rails (5.0.1)
      actioncable (= 5.0.1)
      actionmailer (= 5.0.1)
      actionpack (= 5.0.1)
      actionview (= 5.0.1)
      activejob (= 5.0.1)
      activemodel (= 5.0.1)
      activerecord (= 5.0.1)
      activesupport (= 5.0.1)
      bundler (>= 1.3.0, < 2.0)
      railties (= 5.0.1)
      sprockets-rails (>= 2.0.0)
    rails-controller-testing (0.1.1)
      actionpack (~> 5.x)
      actionview (~> 5.x)
      activesupport (~> 5.x)
    rails-dom-testing (2.0.2)
      activesupport (>= 4.2.0, < 6.0)
      nokogiri (~> 1.6)
    rails-html-sanitizer (1.0.3)
      loofah (~> 2.0)
    rails-i18n (4.0.2)
      i18n (~> 0.6)
      rails (>= 4.0)
    railties (5.0.1)
      actionpack (= 5.0.1)
      activesupport (= 5.0.1)
      method_source
      rake (>= 0.8.7)
      thor (>= 0.18.1, < 2.0)
    rake (12.0.0)
    rdoc (4.2.2)
      json (~> 1.4)
    ref (2.0.0)
    request_store (1.3.1)
    responders (2.2.0)
      railties (>= 4.2.0, < 5.1)
    ruby_parser (3.8.2)
      sexp_processor (~> 4.1)
    safe_shell (1.0.3)
    sass (3.4.22)
    sass-rails (5.0.5)
      railties (>= 4.0.0, < 6)
      sass (~> 3.1)
      sprockets (>= 2.8, < 4.0)
      sprockets-rails (>= 2.0, < 4.0)
      tilt (>= 1.1, < 3)
    sdoc (0.4.1)
      json (~> 1.7, >= 1.7.7)
      rdoc (~> 4.0)
    sexp_processor (4.7.0)
    simple_form (3.2.1)
      actionpack (> 4, < 5.1)
      activemodel (> 4, < 5.1)
    slop (3.6.0)
    speakingurl-rails (8.0.2)
      railties (>= 3.1)
    spring (1.7.2)
    sprockets (3.7.1)
      concurrent-ruby (~> 1.0)
      rack (> 1, < 3)
    sprockets-rails (3.2.0)
      actionpack (>= 4.0)
      activesupport (>= 4.0)
      sprockets (>= 3.0.0)
    stringex (2.6.0)
    subexec (0.2.3)
    therubyracer (0.12.2)
      libv8 (~> 3.16.14.0)
      ref
    thor (0.19.4)
    thread_safe (0.3.5)
    tilt (2.0.5)
    tzinfo (1.2.2)
      thread_safe (~> 0.1)
    uglifier (3.0.0)
      execjs (>= 0.3.0, < 3)
    valid_email (0.0.13)
      activemodel
      mail (~> 2.6.1)
    warden (1.2.6)
      rack (>= 1.0)
    web-console (2.3.0)
      activemodel (>= 4.0)
      binding_of_caller (>= 0.7.2)
      railties (>= 4.0)
      sprockets-rails (>= 2.0, < 4.0)
    websocket-driver (0.6.4)
      websocket-extensions (>= 0.1.0)
    websocket-extensions (0.1.2)
    words_counted (1.0.2)
    xpath (2.0.0)
      nokogiri (~> 1.3)

PLATFORMS
  ruby

DEPENDENCIES
  activemodel-serializers-xml!
  activerecord-jdbcpostgresql-adapter
  acts_as_list!
  akismet (~> 2.0.0)
  bold-atom_feed!
  bold-featherlight!
  bold-piwik!
  bold-theme-bootstrap!
  bold-theme-casper!
  bold-theme-lean!
  bootstrap-kaminari-views (= 0.0.3)
  bootstrap-sass (~> 3.3.4)
  capybara (~> 2.6.0)
  carrierwave (~> 0.11)
  chronic!
  coderay (~> 1.1.1)
  coderay_bash
  coffee-rails (~> 4.1.0)
  connection_pool (~> 2.1.1)
  daemons
  delayed_job_active_record (~> 4.0)
  devise (= 4.2.0)
  devise_invitable!
  diffy (~> 3.0.7)
  draper (~> 3.0.0.pre)
  exifr (~> 1.2)
  factory_girl_rails (~> 4.5)
  faker (~> 1.4)
  haml-rails (~> 0.9)
  http_accept_language (~> 2.0.5)
  httparty (~> 0.13.5)
  i18n_language_select!
  immutable-struct
  jbuilder (~> 2.0)
  jquery-fileupload-rails!
  jquery-rails
  kaminari (~> 0.17)
  kramdown (~> 1.9.0)
  memento (~> 0.4.3)!
  mimemagic (~> 0.3.1)
  mini_magick (~> 3.0)
  minitest-rails!
  mocha (~> 1.1.0)
  nokogiri
  pg (~> 0.18.2)
  pry-byebug
  puma
  rails (~> 5.0.0)
  rails-controller-testing
  rails-i18n (~> 4.0)
  request_store (~> 1.1)
  safe_shell (~> 1.0.2)
  sass-rails (~> 5.0)
  sdoc (~> 0.4.0)
  simple_form (~> 3.2.1)
  speakingurl-rails (~> 8.0)
  spring
  stringex (~> 2.5)
  teambox-icons-rails!
  therubyracer
  uglifier (>= 1.3.0)
  user_agent_parser!
  valid_email
  warden (~> 1.2)
  web-console (~> 2.0)
  words_counted (~> 1.0)
  xmp!

BUNDLED WITH
   1.12.5
