GIT
  remote: git://github.com/amatsuda/kaminari.git
  revision: 27a0c850b50a8bf095665ad3c0907efada919533
  specs:
    kaminari (1.0.0.alpha)
      actionpack (>= 3.0.0)
      activesupport (>= 3.0.0)

GIT
  remote: git://github.com/bold-app/acts_as_list.git
  revision: 448a30e7d621c33571c64eef6fe926009fcf32ae
  specs:
    acts_as_list (0.7.2)
      activerecord (>= 3.0)

GIT
  remote: git://github.com/bold-app/bold-atom_feed.git
  revision: 454454d449855e22489687ca86532b026e2448cb
  specs:
    bold-atom_feed (0.1.0)
      draper (~> 2.1)
      liquid (~> 3.0)

GIT
  remote: git://github.com/bold-app/bold-piwik.git
  revision: 319c740c0b55ff0e50ca4357feea1f1392822c15
  specs:
    bold-piwik (0.1.0)

GIT
  remote: git://github.com/bold-app/bold-theme-bootstrap.git
  revision: 2edc83c27373411b71cbf133a99c89d5ff446c19
  specs:
    bold-theme-bootstrap (1.0.0)

GIT
  remote: git://github.com/bold-app/bold-theme-casper.git
  revision: 3e67e3b93ba30dad7ac3470b0305a2c8e1560e18
  specs:
    bold-theme-casper (1.0.0)

GIT
  remote: git://github.com/bold-app/bold-theme-lean.git
  revision: f9415d7b4da1005c37e914b355e825b2537a4f3f
  specs:
    bold-theme-lean (0.1.0)

GIT
  remote: git://github.com/bold-app/devise_invitable.git
  revision: 3e1505cd820303f606218a712c5f274c39ef76c7
  branch: bold
  specs:
    devise_invitable (1.5.5)
      actionmailer (>= 3.2.6, < 5)
      devise (>= 3.2.0)

GIT
  remote: git://github.com/bold-app/draper.git
  revision: ac29d070554538733653d4ac10774b2443107afe
  branch: rails5
  specs:
    draper (2.1.0)
      actionpack (>= 3.0)
      activemodel (>= 3.0)
      activesupport (>= 3.0)
      request_store (~> 1.0)

GIT
  remote: git://github.com/bold-app/i18n_language_select.git
  revision: 3ad571980b90fa993584d99df704997d492e3864
  specs:
    i18n_language_select (0.0.1)

GIT
  remote: git://github.com/bold-app/jquery-fileupload-rails.git
  revision: 13a13d706293d0bba533dd8bed5ed4daa08ae6f2
  specs:
    jquery-fileupload-rails (0.4.5)
      actionpack (>= 3.1)
      railties (>= 3.1)
      sass (>= 3.2)

GIT
  remote: git://github.com/bold-app/memento.git
  revision: 1805bb3d8f251b661408012ae50a5c7111e608e2
  specs:
    memento (0.4.3)
      actionpack (>= 3.2.5)
      activerecord (>= 3.2.5)

GIT
  remote: git://github.com/bold-app/teambox-icons-rails.git
  revision: 6cdfd96ef4fdf7a45d57ad2aa95178d1831767e3
  specs:
    teambox-icons-rails (0.1.0)
      rails (>= 3.2)

GIT
  remote: git://github.com/jkraemer/chronic.git
  revision: d38001e035c6ad4769eb110f6ceb71f317706198
  branch: thread_safe
  specs:
    chronic (0.10.2)
      numerizer (~> 0.2)

GIT
  remote: git://github.com/jkraemer/xmp.git
  revision: 5cd1dfdc6c75b3d907710a2b7f652f5ee850b78e
  specs:
    xmp (0.2.0)
      nokogiri (~> 1.6.0)

GIT
  remote: git://github.com/rails/activemodel-serializers-xml.git
  revision: ad5ff3a9262576362792196a991de1d1778c5f48
  specs:
    activemodel-serializers-xml (1.0.0)
      activemodel (> 5.x)
      activerecord (> 5.x)
      activesupport (> 5.x)
      builder (~> 3.1)

GEM
  remote: https://rubygems.org/
  specs:
    actioncable (5.0.0.beta3)
      actionpack (= 5.0.0.beta3)
      nio4r (~> 1.2)
      websocket-driver (~> 0.6.1)
    actionmailer (5.0.0.beta3)
      actionpack (= 5.0.0.beta3)
      actionview (= 5.0.0.beta3)
      activejob (= 5.0.0.beta3)
      mail (~> 2.5, >= 2.5.4)
      rails-dom-testing (~> 1.0, >= 1.0.5)
    actionpack (5.0.0.beta3)
      actionview (= 5.0.0.beta3)
      activesupport (= 5.0.0.beta3)
      rack (~> 2.x)
      rack-test (~> 0.6.3)
      rails-dom-testing (~> 1.0, >= 1.0.5)
      rails-html-sanitizer (~> 1.0, >= 1.0.2)
    actionview (5.0.0.beta3)
      activesupport (= 5.0.0.beta3)
      builder (~> 3.1)
      erubis (~> 2.7.0)
      rails-dom-testing (~> 1.0, >= 1.0.5)
      rails-html-sanitizer (~> 1.0, >= 1.0.2)
    activejob (5.0.0.beta3)
      activesupport (= 5.0.0.beta3)
      globalid (>= 0.3.6)
    activemodel (5.0.0.beta3)
      activesupport (= 5.0.0.beta3)
    activerecord (5.0.0.beta3)
      activemodel (= 5.0.0.beta3)
      activesupport (= 5.0.0.beta3)
      arel (~> 7.0)
    activesupport (5.0.0.beta3)
      concurrent-ruby (~> 1.0)
      i18n (~> 0.7)
      minitest (~> 5.1)
      tzinfo (~> 1.1)
    addressable (2.4.0)
    akismet (2.0.0)
    arel (7.0.0)
    autoprefixer-rails (6.3.3)
      execjs
      json
    bcrypt (3.1.10)
    binding_of_caller (0.7.2)
      debug_inspector (>= 0.0.1)
    bootstrap-kaminari-views (0.0.3)
      kaminari (>= 0.13)
      rails (>= 3.1)
    bootstrap-sass (3.3.6)
      autoprefixer-rails (>= 5.2.1)
      sass (>= 3.3.4)
    builder (3.2.2)
    byebug (8.2.2)
    capybara (2.6.2)
      addressable
      mime-types (>= 1.16)
      nokogiri (>= 1.3.3)
      rack (>= 1.0.0)
      rack-test (>= 0.5.4)
      xpath (~> 2.0)
    carrierwave (0.10.0)
      activemodel (>= 3.2.0)
      activesupport (>= 3.2.0)
      json (>= 1.7)
      mime-types (>= 1.16)
    coderay (1.1.1)
    coffee-rails (4.1.1)
      coffee-script (>= 2.2.0)
      railties (>= 4.0.0, < 5.1.x)
    coffee-script (2.4.1)
      coffee-script-source
      execjs
    coffee-script-source (1.10.0)
    concurrent-ruby (1.0.0)
    connection_pool (2.1.3)
    daemons (1.2.3)
    debug_inspector (0.0.2)
    delayed_job (4.1.1)
      activesupport (>= 3.0, < 5.0)
    delayed_job_active_record (4.1.0)
      activerecord (>= 3.0, < 5)
      delayed_job (>= 3.0, < 5)
    devise (4.0.0.rc1)
      bcrypt (~> 3.0)
      orm_adapter (~> 0.1)
      railties (>= 4.1.0, < 5.1)
      responders
      warden (~> 1.2.3)
    diffy (3.0.7)
    erubis (2.7.0)
    execjs (2.6.0)
    exifr (1.2.4)
    factory_girl (4.5.0)
      activesupport (>= 3.0.0)
    factory_girl_rails (4.6.0)
      factory_girl (~> 4.5.0)
      railties (>= 3.0.0)
    faker (1.6.2)
      i18n (~> 0.5)
    globalid (0.3.6)
      activesupport (>= 4.1.0)
    haml (4.0.7)
      tilt
    haml-rails (0.9.0)
      actionpack (>= 4.0.1)
      activesupport (>= 4.0.1)
      haml (>= 4.0.6, < 5.0)
      html2haml (>= 1.0.1)
      railties (>= 4.0.1)
    html2haml (2.0.0)
      erubis (~> 2.7.0)
      haml (~> 4.0.0)
      nokogiri (~> 1.6.0)
      ruby_parser (~> 3.5)
    http_accept_language (2.0.5)
    httparty (0.13.7)
      json (~> 1.8)
      multi_xml (>= 0.5.2)
    i18n (0.7.0)
    jbuilder (2.4.1)
      activesupport (>= 3.0.0, < 5.1)
      multi_json (~> 1.2)
    jquery-rails (4.0.5)
      rails-dom-testing (~> 1.0)
      railties (>= 4.2.0)
      thor (>= 0.14, < 2.0)
    json (1.8.3)
    kramdown (1.9.0)
    libv8 (3.16.14.13)
    liquid (3.0.6)
    loofah (2.0.3)
      nokogiri (>= 1.5.9)
    mail (2.6.3)
      mime-types (>= 1.16, < 3)
    metaclass (0.0.4)
    method_source (0.8.2)
    mime-types (2.99.1)
    mini_magick (3.8.1)
      subexec (~> 0.2.1)
    mini_portile2 (2.0.0)
    minitest (5.8.4)
    mocha (1.1.0)
      metaclass (~> 0.0.1)
    multi_json (1.11.2)
    multi_xml (0.5.5)
    nio4r (1.2.1)
    nokogiri (1.6.7.2)
      mini_portile2 (~> 2.0.0.rc2)
    numerizer (0.2.0)
    orm_adapter (0.5.0)
    pg (0.18.4)
    pry (0.10.3)
      coderay (~> 1.1.0)
      method_source (~> 0.8.1)
      slop (~> 3.4)
    pry-byebug (3.3.0)
      byebug (~> 8.0)
      pry (~> 0.10)
    puma (2.16.0)
    quiet_assets (1.1.0)
      railties (>= 3.1, < 5.0)
    rack (2.0.0.alpha)
      json
    rack-test (0.6.3)
      rack (>= 1.0)
    rails (5.0.0.beta3)
      actioncable (= 5.0.0.beta3)
      actionmailer (= 5.0.0.beta3)
      actionpack (= 5.0.0.beta3)
      actionview (= 5.0.0.beta3)
      activejob (= 5.0.0.beta3)
      activemodel (= 5.0.0.beta3)
      activerecord (= 5.0.0.beta3)
      activesupport (= 5.0.0.beta3)
      bundler (>= 1.3.0, < 2.0)
      railties (= 5.0.0.beta3)
      sprockets-rails (>= 2.0.0)
    rails-controller-testing (0.1.0)
      actionpack (~> 5.x)
      actionview (~> 5.x)
      activesupport (~> 5.x)
    rails-deprecated_sanitizer (1.0.3)
      activesupport (>= 4.2.0.alpha)
    rails-dom-testing (1.0.7)
      activesupport (>= 4.2.0.beta, < 5.0)
      nokogiri (~> 1.6.0)
      rails-deprecated_sanitizer (>= 1.0.1)
    rails-html-sanitizer (1.0.3)
      loofah (~> 2.0)
    rails-i18n (4.0.2)
      i18n (~> 0.6)
      rails (>= 4.0)
    railties (5.0.0.beta3)
      actionpack (= 5.0.0.beta3)
      activesupport (= 5.0.0.beta3)
      method_source
      rake (>= 0.8.7)
      thor (>= 0.18.1, < 2.0)
    rake (10.5.0)
    rdoc (4.2.2)
      json (~> 1.4)
    ref (2.0.0)
    request_store (1.3.0)
    responders (2.1.1)
      railties (>= 4.2.0, < 5.1)
    ruby_parser (3.8.1)
      sexp_processor (~> 4.1)
    safe_shell (1.0.3)
    sass (3.4.21)
    sass-rails (5.0.4)
      railties (>= 4.0.0, < 5.0)
      sass (~> 3.1)
      sprockets (>= 2.8, < 4.0)
      sprockets-rails (>= 2.0, < 4.0)
      tilt (>= 1.1, < 3)
    sdoc (0.4.1)
      json (~> 1.7, >= 1.7.7)
      rdoc (~> 4.0)
    sexp_processor (4.7.0)
    simple_form (3.2.1)
      actionpack (> 4, < 5.1)
      activemodel (> 4, < 5.1)
    slop (3.6.0)
    speakingurl-rails (8.0.2)
      railties (>= 3.1)
    spring (1.6.3)
    sprockets (3.5.2)
      concurrent-ruby (~> 1.0)
      rack (> 1, < 3)
    sprockets-rails (3.0.3)
      actionpack (>= 4.0)
      activesupport (>= 4.0)
      sprockets (>= 3.0.0)
    stringex (2.6.0)
    subexec (0.2.3)
    therubyracer (0.12.2)
      libv8 (~> 3.16.14.0)
      ref
    thor (0.19.1)
    thread_safe (0.3.5)
    tilt (2.0.2)
    tzinfo (1.2.2)
      thread_safe (~> 0.1)
    uglifier (2.7.2)
      execjs (>= 0.3.0)
      json (>= 1.8.0)
    user_agent_parser (2.3.0)
    valid_email (0.0.12)
      activemodel
      mail (~> 2.6.1)
    warden (1.2.6)
      rack (>= 1.0)
    web-console (2.3.0)
      activemodel (>= 4.0)
      binding_of_caller (>= 0.7.2)
      railties (>= 4.0)
      sprockets-rails (>= 2.0, < 4.0)
    websocket-driver (0.6.3)
      websocket-extensions (>= 0.1.0)
    websocket-extensions (0.1.2)
    words_counted (1.0.2)
    xpath (2.0.0)
      nokogiri (~> 1.3)

PLATFORMS
  ruby

DEPENDENCIES
  activemodel-serializers-xml!
  activerecord-jdbcpostgresql-adapter
  acts_as_list!
  akismet (~> 2.0.0)
  bold-atom_feed!
  bold-piwik!
  bold-theme-bootstrap!
  bold-theme-casper!
  bold-theme-lean!
  bootstrap-kaminari-views (= 0.0.3)
  bootstrap-sass (~> 3.3.4)
  capybara (~> 2.6.0)
  carrierwave (~> 0.10)
  chronic!
  coderay (~> 1.1.1)
  coffee-rails (~> 4.1.0)
  connection_pool (~> 2.1.1)
  daemons
  delayed_job_active_record (~> 4.0)
  devise (= 4.0.0.rc1)
  devise_invitable!
  diffy (~> 3.0.7)
  draper!
  exifr (~> 1.2)
  factory_girl_rails (~> 4.5)
  faker (~> 1.4)
  haml-rails (~> 0.9)
  http_accept_language (~> 2.0.5)
  httparty (~> 0.13.5)
  i18n_language_select!
  jbuilder (~> 2.0)
  jquery-fileupload-rails!
  jquery-rails (~> 4.0.4)
  kaminari!
  kramdown (~> 1.9.0)
  memento (~> 0.4.3)!
  mini_magick (~> 3.0)
  mocha (~> 1.1.0)
  nokogiri
  pg (~> 0.18.2)
  pry-byebug
  puma
  quiet_assets
  rails (= 5.0.0.beta3)
  rails-controller-testing
  rails-i18n (~> 4.0)
  request_store (~> 1.1)
  safe_shell (~> 1.0.2)
  sass-rails (~> 5.0)
  sdoc (~> 0.4.0)
  simple_form (~> 3.2.1)
  speakingurl-rails (~> 8.0)
  spring
  stringex (~> 2.5)
  teambox-icons-rails!
  therubyracer
  uglifier (>= 1.3.0)
  user_agent_parser (~> 2.2)
  valid_email
  warden (~> 1.2)
  web-console (~> 2.0)
  words_counted (~> 1.0)
  xmp!

BUNDLED WITH
   1.11.2
