GIT
  remote: git://github.com/bold-app/bold-theme-bootstrap.git
  revision: 2edc83c27373411b71cbf133a99c89d5ff446c19
  specs:
    bold-theme-bootstrap (1.0.0)

GIT
  remote: git://github.com/bold-app/bold-theme-casper.git
  revision: 9d457fcd7c7b325d67058a9fb1eae3457aeffd5b
  specs:
    bold-theme-casper (1.0.0)

GIT
  remote: git://github.com/bold-app/bold-theme-lean.git
  revision: 6095fd9f1c5760dbf8265a86a3e42400f5bdf9b4
  specs:
    bold-theme-lean (0.1.0)

GIT
  remote: git://github.com/bold-app/devise_invitable.git
  revision: 848de10ab8f061f79be4e784e56375836ccf7b97
  specs:
    devise_invitable (1.5.0)
      actionmailer (>= 3.2.6, < 5)
      devise (>= 3.2.0)

GIT
  remote: git://github.com/bold-app/i18n_language_select.git
  revision: 3ad571980b90fa993584d99df704997d492e3864
  specs:
    i18n_language_select (0.0.1)

GIT
  remote: git://github.com/bold-app/jquery-fileupload-rails.git
  revision: 13a13d706293d0bba533dd8bed5ed4daa08ae6f2
  specs:
    jquery-fileupload-rails (0.4.5)
      actionpack (>= 3.1)
      railties (>= 3.1)
      sass (>= 3.2)

GIT
  remote: git://github.com/bold-app/memento.git
  revision: 1805bb3d8f251b661408012ae50a5c7111e608e2
  specs:
    memento (0.4.3)
      actionpack (>= 3.2.5)
      activerecord (>= 3.2.5)

GIT
  remote: git://github.com/bold-app/teambox-icons-rails.git
  revision: 6cdfd96ef4fdf7a45d57ad2aa95178d1831767e3
  specs:
    teambox-icons-rails (0.1.0)
      rails (>= 3.2)

GIT
  remote: git://github.com/jkraemer/chronic.git
  revision: d38001e035c6ad4769eb110f6ceb71f317706198
  branch: thread_safe
  specs:
    chronic (0.10.2)
      numerizer (~> 0.2)

GIT
  remote: git://github.com/jkraemer/xmp.git
  revision: 5cd1dfdc6c75b3d907710a2b7f652f5ee850b78e
  specs:
    xmp (0.2.0)
      nokogiri (~> 1.6.0)

GEM
  remote: https://rubygems.org/
  specs:
    actionmailer (4.2.5.1)
      actionpack (= 4.2.5.1)
      actionview (= 4.2.5.1)
      activejob (= 4.2.5.1)
      mail (~> 2.5, >= 2.5.4)
      rails-dom-testing (~> 1.0, >= 1.0.5)
    actionpack (4.2.5.1)
      actionview (= 4.2.5.1)
      activesupport (= 4.2.5.1)
      rack (~> 1.6)
      rack-test (~> 0.6.2)
      rails-dom-testing (~> 1.0, >= 1.0.5)
      rails-html-sanitizer (~> 1.0, >= 1.0.2)
    actionview (4.2.5.1)
      activesupport (= 4.2.5.1)
      builder (~> 3.1)
      erubis (~> 2.7.0)
      rails-dom-testing (~> 1.0, >= 1.0.5)
      rails-html-sanitizer (~> 1.0, >= 1.0.2)
    activejob (4.2.5.1)
      activesupport (= 4.2.5.1)
      globalid (>= 0.3.0)
    activemodel (4.2.5.1)
      activesupport (= 4.2.5.1)
      builder (~> 3.1)
    activerecord (4.2.5.1)
      activemodel (= 4.2.5.1)
      activesupport (= 4.2.5.1)
      arel (~> 6.0)
    activesupport (4.2.5.1)
      i18n (~> 0.7)
      json (~> 1.7, >= 1.7.7)
      minitest (~> 5.1)
      thread_safe (~> 0.3, >= 0.3.4)
      tzinfo (~> 1.1)
    acts_as_list (0.7.2)
      activerecord (>= 3.0)
    addressable (2.3.8)
    akismet (2.0.0)
    arel (6.0.3)
    autoprefixer-rails (6.0.3)
      execjs
      json
    bcrypt (3.1.10)
    binding_of_caller (0.7.2)
      debug_inspector (>= 0.0.1)
    bootstrap-kaminari-views (0.0.3)
      kaminari (>= 0.13)
      rails (>= 3.1)
    bootstrap-sass (3.3.5.1)
      autoprefixer-rails (>= 5.0.0.1)
      sass (>= 3.3.0)
    builder (3.2.2)
    byebug (5.0.0)
      columnize (= 0.9.0)
    capybara (2.4.4)
      mime-types (>= 1.16)
      nokogiri (>= 1.3.3)
      rack (>= 1.0.0)
      rack-test (>= 0.5.4)
      xpath (~> 2.0)
    capybara-screenshot (1.0.11)
      capybara (>= 1.0, < 3)
      launchy
    carrierwave (0.10.0)
      activemodel (>= 3.2.0)
      activesupport (>= 3.2.0)
      json (>= 1.7)
      mime-types (>= 1.16)
    cliver (0.3.2)
    coderay (1.1.0)
    coffee-rails (4.1.0)
      coffee-script (>= 2.2.0)
      railties (>= 4.0.0, < 5.0)
    coffee-script (2.4.1)
      coffee-script-source
      execjs
    coffee-script-source (1.9.1.1)
    columnize (0.9.0)
    concurrent-ruby (1.0.0)
    connection_pool (2.1.3)
    daemons (1.2.3)
    debug_inspector (0.0.2)
    delayed_job (4.1.1)
      activesupport (>= 3.0, < 5.0)
    delayed_job_active_record (4.1.0)
      activerecord (>= 3.0, < 5)
      delayed_job (>= 3.0, < 5)
    devise (3.5.2)
      bcrypt (~> 3.0)
      orm_adapter (~> 0.1)
      railties (>= 3.2.6, < 5)
      responders
      thread_safe (~> 0.1)
      warden (~> 1.2.3)
    diffy (3.0.7)
    draper (2.1.0)
      actionpack (>= 3.0)
      activemodel (>= 3.0)
      activesupport (>= 3.0)
      request_store (~> 1.0)
    erubis (2.7.0)
    execjs (2.6.0)
    exifr (1.2.3.1)
    factory_girl (4.5.0)
      activesupport (>= 3.0.0)
    factory_girl_rails (4.5.0)
      factory_girl (~> 4.5.0)
      railties (>= 3.0.0)
    faker (1.5.0)
      i18n (~> 0.5)
    globalid (0.3.6)
      activesupport (>= 4.1.0)
    haml (4.0.7)
      tilt
    haml-rails (0.9.0)
      actionpack (>= 4.0.1)
      activesupport (>= 4.0.1)
      haml (>= 4.0.6, < 5.0)
      html2haml (>= 1.0.1)
      railties (>= 4.0.1)
    html2haml (2.0.0)
      erubis (~> 2.7.0)
      haml (~> 4.0.0)
      nokogiri (~> 1.6.0)
      ruby_parser (~> 3.5)
    http_accept_language (2.0.5)
    httparty (0.13.7)
      json (~> 1.8)
      multi_xml (>= 0.5.2)
    i18n (0.7.0)
    jbuilder (2.3.2)
      activesupport (>= 3.0.0, < 5)
      multi_json (~> 1.2)
    jquery-rails (4.0.5)
      rails-dom-testing (~> 1.0)
      railties (>= 4.2.0)
      thor (>= 0.14, < 2.0)
    json (1.8.3)
    kaminari (0.16.3)
      actionpack (>= 3.0.0)
      activesupport (>= 3.0.0)
    kramdown (1.9.0)
    launchy (2.4.3)
      addressable (~> 2.3)
    libv8 (3.16.14.11)
    loofah (2.0.3)
      nokogiri (>= 1.5.9)
    mail (2.6.3)
      mime-types (>= 1.16, < 3)
    metaclass (0.0.4)
    method_source (0.8.2)
    mime-types (2.99)
    mini_magick (3.8.1)
      subexec (~> 0.2.1)
    mini_portile2 (2.0.0)
    minitest (5.8.4)
    mocha (1.1.0)
      metaclass (~> 0.0.1)
    multi_json (1.11.2)
    multi_xml (0.5.5)
    nokogiri (1.6.7.2)
      mini_portile2 (~> 2.0.0.rc2)
    numerizer (0.2.0)
    orm_adapter (0.5.0)
    pg (0.18.3)
    poltergeist (1.6.0)
      capybara (~> 2.1)
      cliver (~> 0.3.1)
      multi_json (~> 1.0)
      websocket-driver (>= 0.2.0)
    pry (0.10.2)
      coderay (~> 1.1.0)
      method_source (~> 0.8.1)
      slop (~> 3.4)
    pry-byebug (3.2.0)
      byebug (~> 5.0)
      pry (~> 0.10)
    puma (2.14.0)
    quiet_assets (1.1.0)
      railties (>= 3.1, < 5.0)
    rack (1.6.4)
    rack-test (0.6.3)
      rack (>= 1.0)
    rails (4.2.5.1)
      actionmailer (= 4.2.5.1)
      actionpack (= 4.2.5.1)
      actionview (= 4.2.5.1)
      activejob (= 4.2.5.1)
      activemodel (= 4.2.5.1)
      activerecord (= 4.2.5.1)
      activesupport (= 4.2.5.1)
      bundler (>= 1.3.0, < 2.0)
      railties (= 4.2.5.1)
      sprockets-rails
    rails-deprecated_sanitizer (1.0.3)
      activesupport (>= 4.2.0.alpha)
    rails-dom-testing (1.0.7)
      activesupport (>= 4.2.0.beta, < 5.0)
      nokogiri (~> 1.6.0)
      rails-deprecated_sanitizer (>= 1.0.1)
    rails-html-sanitizer (1.0.3)
      loofah (~> 2.0)
    rails-i18n (4.0.5)
      i18n (~> 0.6)
      railties (~> 4.0)
    railties (4.2.5.1)
      actionpack (= 4.2.5.1)
      activesupport (= 4.2.5.1)
      rake (>= 0.8.7)
      thor (>= 0.18.1, < 2.0)
    rake (10.5.0)
    rdoc (4.2.0)
    ref (2.0.0)
    request_store (1.2.0)
    responders (2.1.0)
      railties (>= 4.2.0, < 5)
    ruby_parser (3.7.1)
      sexp_processor (~> 4.1)
    safe_shell (1.0.2)
    sass (3.4.18)
    sass-rails (5.0.4)
      railties (>= 4.0.0, < 5.0)
      sass (~> 3.1)
      sprockets (>= 2.8, < 4.0)
      sprockets-rails (>= 2.0, < 4.0)
      tilt (>= 1.1, < 3)
    sdoc (0.4.1)
      json (~> 1.7, >= 1.7.7)
      rdoc (~> 4.0)
    sexp_processor (4.6.0)
    simple_form (3.1.1)
      actionpack (~> 4.0)
      activemodel (~> 4.0)
    slop (3.6.0)
    speakingurl-rails (8.0.2)
      railties (>= 3.1)
    spring (1.4.0)
    sprockets (3.5.2)
      concurrent-ruby (~> 1.0)
      rack (> 1, < 3)
    sprockets-rails (3.0.0)
      actionpack (>= 4.0)
      activesupport (>= 4.0)
      sprockets (>= 3.0.0)
    stringex (2.5.2)
    subexec (0.2.3)
    therubyracer (0.12.2)
      libv8 (~> 3.16.14.0)
      ref
    thor (0.19.1)
    thread_safe (0.3.5)
    tilt (2.0.1)
    turbolinks (2.5.3)
      coffee-rails
    tzinfo (1.2.2)
      thread_safe (~> 0.1)
    uglifier (2.7.2)
      execjs (>= 0.3.0)
      json (>= 1.8.0)
    user_agent_parser (2.3.0)
    valid_email (0.0.11)
      activemodel
      mail (~> 2.6.1)
    warden (1.2.3)
      rack (>= 1.0)
    web-console (2.2.1)
      activemodel (>= 4.0)
      binding_of_caller (>= 0.7.2)
      railties (>= 4.0)
      sprockets-rails (>= 2.0, < 4.0)
    websocket-driver (0.6.2)
      websocket-extensions (>= 0.1.0)
    websocket-extensions (0.1.2)
    xpath (2.0.0)
      nokogiri (~> 1.3)
    yaml_db (0.3.0)
      rails (>= 3.0, < 4.3)
      rake (>= 0.8.7)

PLATFORMS
  ruby

DEPENDENCIES
  activerecord-jdbcpostgresql-adapter
  acts_as_list (~> 0.7.0)
  akismet (~> 2.0.0)
  bold-theme-bootstrap!
  bold-theme-casper!
  bold-theme-lean!
  bootstrap-kaminari-views (= 0.0.3)
  bootstrap-sass (~> 3.3.4)
  capybara (~> 2.4.4)
  capybara-screenshot (~> 1.0.4)
  carrierwave (~> 0.10)
  chronic!
  coffee-rails (~> 4.1.0)
  connection_pool (~> 2.1.1)
  daemons
  delayed_job_active_record (~> 4.0)
  devise (~> 3.5)
  devise_invitable!
  diffy (~> 3.0.7)
  draper (~> 2.1)
  exifr (~> 1.2)
  factory_girl_rails (~> 4.5)
  faker (~> 1.4)
  haml-rails (~> 0.9)
  http_accept_language (~> 2.0.5)
  httparty (~> 0.13.5)
  i18n_language_select!
  jbuilder (~> 2.0)
  jquery-fileupload-rails!
  jquery-rails (~> 4.0.4)
  kaminari (~> 0.16)
  kramdown (~> 1.9.0)
  memento (~> 0.4.3)!
  mini_magick (~> 3.0)
  mocha (~> 1.1.0)
  nokogiri
  pg (~> 0.18.2)
  poltergeist (~> 1.6.0)
  pry-byebug
  puma
  quiet_assets
  rails (~> 4.2.3)
  rails-i18n (~> 4.0)
  request_store (~> 1.1)
  safe_shell (~> 1.0.2)
  sass-rails (~> 5.0)
  sdoc (~> 0.4.0)
  simple_form (~> 3.1.0)
  speakingurl-rails (~> 8.0)
  spring
  stringex (~> 2.5)
  teambox-icons-rails!
  therubyracer
  turbolinks
  uglifier (>= 1.3.0)
  user_agent_parser (~> 2.2)
  valid_email
  warden (~> 1.2)
  web-console (~> 2.0)
  xmp!
  yaml_db

BUNDLED WITH
   1.11.2
